GEM
  remote: https://rubygems.org/
  specs:
    minitest (5.11.3)

PLATFORMS
  ruby

DEPENDENCIES
  minitest (~> 5.11.3)

RUBY VERSION
   ruby 2.4.4p296

BUNDLED WITH
   1.17.3
