PATH
  remote: .
  specs:
    mapknitter-exporter (1.0.1)

GEM
  remote: https://rubygems.org/
  specs:
    minitest (5.11.3)

PLATFORMS
  ruby

DEPENDENCIES
  mapknitter-exporter!
  minitest (~> 5.11.3)

RUBY VERSION
   ruby 2.4.6p354

BUNDLED WITH
   1.17.3
